GEM
  remote: https://rubygems.org/
  specs:
    addressable (2.8.7)
      public_suffix (>= 2.0.2, < 7.0)
    ast (2.4.2)
    bigdecimal (3.1.8)
    choria-mcorpc-support (2.26.3)
      nats-pure (~> 0.6, < 0.7.0)
      systemu (~> 2.6, >= 2.6.4)
    concurrent-ruby (1.3.3)
    crack (1.0.0)
      bigdecimal
      rexml
    deep_merge (1.2.2)
    diff-lcs (1.5.1)
    diplomat (2.6.4)
      deep_merge (~> 1.2)
      faraday (>= 0.9, < 3.0, != 2.0.0)
    etcdv3 (0.11.6)
      grpc (~> 1.17)
    facter (4.7.1)
      hocon (~> 1.3)
      thor (>= 1.0.1, < 1.3)
    faraday (2.9.2)
      faraday-net_http (>= 2.0, < 3.2)
    faraday-net_http (3.1.0)
      net-http
    fast_gettext (2.4.0)
      prime
    ffi (1.17.0-x86_64-linux-gnu)
    forwardable (1.3.3)
    google-protobuf (3.25.0-x86_64-linux)
    googleapis-common-protos-types (1.15.0)
      google-protobuf (>= 3.18, < 5.a)
    grpc (1.64.0-x86_64-linux)
      google-protobuf (~> 3.25)
      googleapis-common-protos-types (~> 1.0)
    hashdiff (1.1.0)
    hocon (1.4.0)
    jgrep (1.5.4)
    json-schema (2.8.1)
      addressable (>= 2.4)
    json-schema-rspec (0.0.4)
      json-schema (~> 2.5)
      rspec
    listen (3.9.0)
      rb-fsevent (~> 0.10, >= 0.10.3)
      rb-inotify (~> 0.9, >= 0.9.10)
    locale (2.1.4)
    mcollective-test (0.4.3)
    metaclass (0.0.4)
    mocha (0.12.10)
      metaclass (~> 0.0.1)
    multi_json (1.15.0)
    nats-pure (0.6.2)
    net-http (0.4.1)
      uri
    parallel (1.25.1)
    parser (3.3.3.0)
      ast (~> 2.4.1)
      racc
    prime (0.1.2)
      forwardable
      singleton
    psych (5.1.2)
      stringio
    public_suffix (6.0.0)
    puppet (8.7.0)
      concurrent-ruby (~> 1.0)
      deep_merge (~> 1.0)
      facter (>= 4.3.0, < 5)
      fast_gettext (>= 2.1, < 3)
      locale (~> 2.1)
      multi_json (~> 1.13)
      puppet-resource_api (~> 1.5)
      scanf (~> 1.0)
      semantic_puppet (~> 1.0)
    puppet-resource_api (1.9.0)
      hocon (>= 1.0)
    racc (1.8.0)
    rainbow (3.1.1)
    rake (13.2.1)
    rb-fsevent (0.11.2)
    rb-inotify (0.11.1)
      ffi (~> 1.0)
    rdoc (6.7.0)
      psych (>= 4.0.0)
    regexp_parser (2.9.2)
    rexml (3.3.3)
      strscan
    rspec (3.9.0)
      rspec-core (~> 3.9.0)
      rspec-expectations (~> 3.9.0)
      rspec-mocks (~> 3.9.0)
    rspec-core (3.9.3)
      rspec-support (~> 3.9.3)
    rspec-expectations (3.9.4)
      diff-lcs (>= 1.2.0, < 2.0)
      rspec-support (~> 3.9.0)
    rspec-mocks (3.9.1)
      diff-lcs (>= 1.2.0, < 2.0)
      rspec-support (~> 3.9.0)
    rspec-support (3.9.4)
    rubocop (1.6.1)
      parallel (~> 1.10)
      parser (>= 2.7.1.5)
      rainbow (>= 2.2.2, < 4.0)
      regexp_parser (>= 1.8, < 3.0)
      rexml
      rubocop-ast (>= 1.2.0, < 2.0)
      ruby-progressbar (~> 1.7)
      unicode-display_width (>= 1.4.0, < 2.0)
    rubocop-ast (1.31.3)
      parser (>= 3.3.1.0)
    ruby-progressbar (1.13.0)
    scanf (1.0.0)
    semantic_puppet (1.1.0)
    singleton (0.2.0)
    stringio (3.1.1)
    strscan (3.1.0)
    systemu (2.6.5)
    thor (1.2.2)
    unicode-display_width (1.8.0)
    uri (0.13.0)
    webmock (3.23.1)
      addressable (>= 2.8.0)
      crack (>= 0.3.2)
      hashdiff (>= 0.4.0, < 2.0.0)
    yard (0.9.36)

PLATFORMS
  x86_64-linux

DEPENDENCIES
  choria-mcorpc-support
  diplomat (~> 2)
  etcdv3
  google-protobuf (= 3.25)
  jgrep (>= 1.5.0)
  json-schema-rspec
  listen (~> 3)
  mcollective-test
  mocha (~> 0.12.2)
  nats-pure (~> 0.6, < 0.7.0)
  puppet (~> 8)
  rake (>= 12.3.3)
  rdoc
  rspec (~> 3.9.0)
  rubocop (= 1.6.1)
  semantic_puppet
  systemu (~> 2.6.4)
  webmock
  yard

BUNDLED WITH
   2.4.19
